GEM
  specs:
    colorator (0.1)
    em-websocket (0.5.1)
      eventmachine (>= 0.12.9)
      http_parser.rb (~> 0.6.0)
    eventmachine (1.2.0.1-x64-mingw32)
    ffi (1.9.10-x64-mingw32)
    http_parser.rb (0.6.0)
    jekyll (3.1.6)
      colorator (~> 0.1)
      jekyll-sass-converter (~> 1.0)
      jekyll-watch (~> 1.1)
      kramdown (~> 1.3)
      liquid (~> 3.0)
      mercenary (~> 0.3.3)
      rouge (~> 1.7)
      safe_yaml (~> 1.0)
    jekyll-livereload (0.1.1.1)
      em-websocket (~> 0.5)
      jekyll (~> 3.0)
    jekyll-sass-converter (1.4.0)
      sass (~> 3.4)
    jekyll-sitemap (0.10.0)
    jekyll-watch (1.4.0)
      listen (~> 3.0, < 3.1)
    kramdown (1.11.1)
    liquid (3.0.6)
    listen (3.0.8)
      rb-fsevent (~> 0.9, >= 0.9.4)
      rb-inotify (~> 0.9, >= 0.9.7)
    mercenary (0.3.6)
    posix-spawn (0.3.11)
    pygments.rb (0.6.3)
      posix-spawn (~> 0.3.6)
      yajl-ruby (~> 1.2.0)
    rb-fsevent (0.9.7)
    rb-inotify (0.9.7)
      ffi (>= 0.5.0)
    rouge (1.10.1)
    safe_yaml (1.0.4)
    sass (3.4.22)
    wdm (0.1.1)
    yajl-ruby (1.2.1)

PLATFORMS
  x64-mingw32

DEPENDENCIES
  jekyll-livereload
  jekyll-sitemap
  pygments.rb
  wdm (>= 0.1.0)

BUNDLED WITH
   1.12.4
