FRAMEWORK: NET462
NUGET
  remote: https://www.nuget.org/api/v2
    FSharp.Data (2.3.2)
    FSharp.Formatting.CommandTool (2.14.4)
